GEM
  specs:
    coderay (1.1.1)
    docraptor (0.2.0)
      json (~> 1.4, >= 1.4.6)
      typhoeus (~> 0.2, >= 0.2.1)
    ethon (0.8.1)
      ffi (>= 1.3.0)
    ffi (1.9.10)
    json (1.8.3)
    method_source (0.8.2)
    pry (0.10.3)
      coderay (~> 1.1.0)
      method_source (~> 0.8.1)
      slop (~> 3.4)
    rake (10.5.0)
    slop (3.6.0)
    typhoeus (0.8.0)
      ethon (>= 0.8.0)

PLATFORMS
  ruby

DEPENDENCIES
  docraptor
  pry
  rake

BUNDLED WITH
   1.11.2
